GEM
  remote: http://rubygems.org/
  specs:
    RedCloth (4.2.9)
    haml (3.1.4)
    nesta (0.9.11)
      RedCloth (~> 4.2)
      haml (~> 3.1)
      rdiscount (~> 1.6)
      sass (~> 3.1)
      shotgun (>= 0.8)
      sinatra (= 1.2.6)
    nokogiri (1.5.0)
    rack (1.4.1)
    rack-rewrite (1.0.2)
    rdiscount (1.6.8)
    sanitize (2.0.3)
      nokogiri (>= 1.4.4, < 1.6)
    sass (3.1.12)
    shotgun (0.9)
      rack (>= 1.0)
    sinatra (1.2.6)
      rack (~> 1.1)
      tilt (>= 1.2.2, < 2.0)
    tilt (1.3.3)

PLATFORMS
  ruby

DEPENDENCIES
  nesta (= 0.9.11)
  rack-rewrite (~> 1.0.0)
  sanitize
